PATH
  remote: .
  specs:
    lbq-cli (0.2.0)

GEM
  remote: https://rubygems.org/
  specs:
    rake (10.5.0)

PLATFORMS
  x64-mingw32

DEPENDENCIES
  bundler (~> 2.0)
  lbq-cli!
  rake (~> 10.0)

BUNDLED WITH
   2.1.4
